GIT
  remote: git://github.com/LMolr/middleman-imageoptim.git
  revision: 1794a78369a2f31d94d59fcf2aa1b65768aa0f34
  branch: master
  specs:
    middleman-imageoptim (0.2.1)
      image_optim (~> 0.20.2)
      image_optim_pack (~> 0.2.1)
      middleman-core (>= 3.1)

GIT
  remote: git://github.com/cleanenergyexperts/middleman-s3_sync.git
  revision: 31e46c78c8317cde27e273519cf9485e3ab63449
  specs:
    middleman-s3_sync (4.0.1.rc.3)
      ansi (~> 1.5.0)
      fog-aws (>= 0.1.1)
      map
      middleman-cli
      middleman-core (>= 4.0.0.rc.1)
      parallel
      ruby-progressbar
      unf

GEM
  remote: https://rubygems.org/
  remote: https://gem.fury.io/ceematt/
  specs:
    activesupport (4.2.5)
      i18n (~> 0.7)
      json (~> 1.7, >= 1.7.7)
      minitest (~> 5.1)
      thread_safe (~> 0.3, >= 0.3.4)
      tzinfo (~> 1.1)
    addressable (2.4.0)
    ansi (1.5.0)
    autoprefixer-rails (6.2.3)
      execjs
      json
    backports (3.6.7)
    builder (3.2.2)
    capybara (2.5.0)
      mime-types (>= 1.16)
      nokogiri (>= 1.3.3)
      rack (>= 1.0.0)
      rack-test (>= 0.5.4)
      xpath (~> 2.0)
    chunky_png (1.3.5)
    compass (1.0.3)
      chunky_png (~> 1.2)
      compass-core (~> 1.0.2)
      compass-import-once (~> 1.0.5)
      rb-fsevent (>= 0.9.3)
      rb-inotify (>= 0.9)
      sass (>= 3.3.13, < 3.5)
    compass-core (1.0.3)
      multi_json (~> 1.0)
      sass (>= 3.3.0, < 3.5)
    compass-import-once (1.0.5)
      sass (>= 3.2, < 3.5)
    concurrent-ruby (0.9.2)
    contracts (0.12.0)
    docile (1.1.5)
    dotenv (2.0.2)
    em-websocket (0.5.1)
      eventmachine (>= 0.12.9)
      http_parser.rb (~> 0.6.0)
    erubis (2.7.0)
    eventmachine (1.0.9)
    excon (0.45.4)
    execjs (2.6.0)
    exifr (1.2.4)
    fastimage (1.8.1)
      addressable (~> 2.3, >= 2.3.5)
    favicon_maker (1.3.1)
      docile (~> 1.1)
    ffi (1.9.10)
    fog-aws (0.8.1)
      fog-core (~> 1.27)
      fog-json (~> 1.0)
      fog-xml (~> 0.1)
      ipaddress (~> 0.8)
    fog-core (1.35.0)
      builder
      excon (~> 0.45)
      formatador (~> 0.2)
    fog-json (1.0.2)
      fog-core (~> 1.0)
      multi_json (~> 1.10)
    fog-xml (0.1.2)
      fog-core
      nokogiri (~> 1.5, >= 1.5.11)
    formatador (0.2.5)
    fspath (2.1.1)
    hamster (2.0.0)
      concurrent-ruby (~> 0.8)
    hashie (3.4.3)
    htmlcompressor (0.2.0)
    http_parser.rb (0.6.0)
    i18n (0.7.0)
    image_optim (0.20.2)
      exifr (~> 1.1, >= 1.1.3)
      fspath (~> 2.1)
      image_size (~> 1.3)
      in_threads (~> 1.3)
      progress (~> 3.0, >= 3.0.1)
    image_optim_pack (0.2.1.20160103)
      fspath (~> 2.1)
      image_optim (~> 0.19)
    image_size (1.4.1)
    in_threads (1.3.1)
    ipaddress (0.8.2)
    json (1.8.3)
    libv8 (3.16.14.13)
    listen (3.0.5)
      rb-fsevent (>= 0.9.3)
      rb-inotify (>= 0.9)
    map (6.6.0)
    middleman-autoprefixer (2.6.3)
      autoprefixer-rails (~> 6.2.1)
      middleman-core (>= 3.3.3)
    middleman-cli (4.0.0)
      thor (>= 0.17.0, < 2.0)
    middleman-compass (4.0.1)
      compass (>= 1.0.0, < 2.0.0)
      middleman-core (>= 4.0.0)
    middleman-core (4.0.0)
      activesupport (~> 4.2)
      addressable (~> 2.4.0)
      backports (~> 3.6)
      bundler (~> 1.1)
      capybara (~> 2.5.0)
      contracts (~> 0.12.0)
      erubis
      execjs (~> 2.0)
      fastimage (~> 1.8)
      hamster (~> 2.0)
      hashie (~> 3.4)
      i18n (~> 0.7.0)
      listen (~> 3.0)
      padrino-helpers (~> 0.13.0)
      rack (>= 1.4.5, < 2.0)
      sass (>= 3.4)
      tilt (~> 1.4.1)
      uglifier (~> 2.6)
    middleman-favicon-maker (4.0.1.beta.1)
      favicon_maker (~> 1.3, >= 1.3.1)
      middleman-core (~> 4.0.beta)
    middleman-landingman (0.0.12)
      dotenv (~> 2.0, >= 2.0.2)
      middleman-autoprefixer (~> 2.6, >= 2.6.3)
      middleman-compass (~> 4.0, >= 4.0.1)
      middleman-core (~> 4.0, >= 4.0.0)
      middleman-favicon-maker (~> 4.0, >= 4.0.1.beta.1)
      middleman-livereload (~> 3.4, >= 3.4.5)
      middleman-minify-html (~> 3.4, >= 3.4.1)
      middleman-s3_sync (~> 4.0, >= 4.0.1.rc.3)
    middleman-livereload (3.4.6)
      em-websocket (~> 0.5.1)
      middleman-core (>= 3.3)
      rack-livereload (~> 0.3.15)
    middleman-minify-html (3.4.1)
      htmlcompressor (~> 0.2.0)
      middleman-core (>= 3.2)
    middleman-scss-lint (0.1.0)
      middleman-core (>= 4.0.0)
      rainbow
      scss_lint (~> 0.40)
    middleman-sprockets (4.0.0.rc.1)
      middleman-core (>= 4.0.0.rc.1)
      sprockets (~> 3.0)
    mime-types (3.0)
      mime-types-data (~> 3.2015)
    mime-types-data (3.2015.1120)
    mini_portile2 (2.0.0)
    minitest (5.8.3)
    multi_json (1.11.2)
    nokogiri (1.6.7.1)
      mini_portile2 (~> 2.0.0.rc2)
    oj (2.14.3)
    padrino-helpers (0.13.0)
      i18n (~> 0.6, >= 0.6.7)
      padrino-support (= 0.13.0)
      tilt (~> 1.4.1)
    padrino-support (0.13.0)
      activesupport (>= 3.1)
    parallel (1.6.1)
    progress (3.1.1)
    rack (1.6.4)
    rack-livereload (0.3.16)
      rack
    rack-test (0.6.3)
      rack (>= 1.0)
    rainbow (2.0.0)
    rb-fsevent (0.9.7)
    rb-inotify (0.9.5)
      ffi (>= 0.5.0)
    ref (2.0.0)
    ruby-progressbar (1.7.5)
    sass (3.4.21)
    scss_lint (0.43.2)
      rainbow (~> 2.0)
      sass (~> 3.4.15)
    sprockets (3.4.1)
      rack (> 1, < 3)
    therubyracer (0.12.2)
      libv8 (~> 3.16.14.0)
      ref
    thor (0.19.1)
    thread_safe (0.3.5)
    tilt (1.4.1)
    tzinfo (1.2.2)
      thread_safe (~> 0.1)
    uglifier (2.7.2)
      execjs (>= 0.3.0)
      json (>= 1.8.0)
    unf (0.1.4)
      unf_ext
    unf_ext (0.0.7.1)
    xpath (2.0.0)
      nokogiri (~> 1.3)

PLATFORMS
  ruby

DEPENDENCIES
  middleman-imageoptim!
  middleman-landingman!
  middleman-s3_sync!
  middleman-scss-lint (~> 0.1.0)
  middleman-sprockets (>= 4.0.0.rc.1)
  mime-types
  oj
  sprockets (= 3.4.1)
  therubyracer
  tzinfo-data
  wdm (~> 0.1.0)

BUNDLED WITH
   1.11.2
